PATH
  remote: .
  specs:
    freebase-api (0.1.3)
      httparty (~> 0.10)

GEM
  remote: https://rubygems.org/
  specs:
    colorize (0.5.8)
    coveralls (0.6.7)
      colorize
      multi_json (~> 1.3)
      rest-client
      simplecov (>= 0.7)
      thor
    diff-lcs (1.2.4)
    httparty (0.12.0)
      json (~> 1.8)
      multi_xml (>= 0.5.2)
    json (1.8.1)
    json (1.8.1-java)
    mime-types (1.23)
    multi_json (1.7.2)
    multi_xml (0.5.5)
    rake (10.0.4)
    rest-client (1.6.7)
      mime-types (>= 1.16)
    rspec (2.13.0)
      rspec-core (~> 2.13.0)
      rspec-expectations (~> 2.13.0)
      rspec-mocks (~> 2.13.0)
    rspec-core (2.13.1)
    rspec-expectations (2.13.0)
      diff-lcs (>= 1.1.3, < 2.0)
    rspec-mocks (2.13.1)
    simplecov (0.7.1)
      multi_json (~> 1.0)
      simplecov-html (~> 0.7.1)
    simplecov-html (0.7.1)
    thor (0.18.1)
    yard (0.8.6.1)

PLATFORMS
  java
  ruby

DEPENDENCIES
  coveralls
  freebase-api!
  rake (~> 10.0)
  rspec (~> 2.12)
  simplecov (~> 0.7)
  yard (~> 0.8)
