PATH
  remote: .
  specs:
    freebase-api (0.1)
      httparty (~> 0.10)

GEM
  remote: https://rubygems.org/
  specs:
    diff-lcs (1.1.3)
    httparty (0.10.0)
      multi_json (~> 1.0)
      multi_xml
    multi_json (1.5.0)
    multi_xml (0.5.2)
    rake (10.0.3)
    redcarpet (2.2.2)
    rspec (2.12.0)
      rspec-core (~> 2.12.0)
      rspec-expectations (~> 2.12.0)
      rspec-mocks (~> 2.12.0)
    rspec-core (2.12.2)
    rspec-expectations (2.12.1)
      diff-lcs (~> 1.1.3)
    rspec-mocks (2.12.1)
    yard (0.8.3)

PLATFORMS
  ruby

DEPENDENCIES
  freebase-api!
  rake (~> 10.0)
  redcarpet (~> 2.2)
  rspec (~> 2.12)
  yard (~> 0.8)
